GEM
  remote: https://rubygems.org/
  specs:
    byebug (6.0.2)
    colorize (0.7.7)
    rainbow (2.0.0)

PLATFORMS
  ruby

DEPENDENCIES
  byebug
  colorize
  rainbow

BUNDLED WITH
   1.10.6
